PATH
  remote: .
  specs:
    github-pivotal-flow (2.0)
      highline (~> 1.6)
      multi_json (~> 1.8)
      pivotal-tracker (~> 0.5)

GEM
  remote: https://www.rubygems.org/
  specs:
    builder (3.2.2)
    crack (0.4.3)
      safe_yaml (~> 1.0.0)
    diff-lcs (1.2.5)
    docile (1.1.2)
    domain_name (0.5.20161129)
      unf (>= 0.0.5, < 1.0.0)
    highline (1.7.8)
    http-cookie (1.0.3)
      domain_name (~> 0.5)
    mime-types (3.1)
      mime-types-data (~> 3.2015)
    mime-types-data (3.2016.0521)
    mini_portile2 (2.1.0)
    multi_json (1.8.4)
    netrc (0.11.0)
    nokogiri (1.6.8.1)
      mini_portile2 (~> 2.1.0)
    nokogiri-happymapper (0.5.9)
      nokogiri (~> 1.5)
    pivotal-tracker (0.5.13)
      builder
      crack
      nokogiri (>= 1.5.5)
      nokogiri-happymapper (>= 0.5.4)
      rest-client (>= 1.8.0)
    rake (10.1.1)
    redcarpet (2.3.0)
    rest-client (2.0.0)
      http-cookie (>= 1.0.2, < 2.0)
      mime-types (>= 1.16, < 4.0)
      netrc (~> 0.8)
    rspec (3.0.0)
      rspec-core (~> 3.0.0)
      rspec-expectations (~> 3.0.0)
      rspec-mocks (~> 3.0.0)
    rspec-core (3.0.2)
      rspec-support (~> 3.0.0)
    rspec-expectations (3.0.2)
      diff-lcs (>= 1.2.0, < 2.0)
      rspec-support (~> 3.0.0)
    rspec-mocks (3.0.2)
      rspec-support (~> 3.0.0)
    rspec-support (3.0.2)
    safe_yaml (1.0.4)
    simplecov (0.8.2)
      docile (~> 1.1.0)
      multi_json
      simplecov-html (~> 0.8.0)
    simplecov-html (0.8.0)
    unf (0.1.4)
      unf_ext
    unf_ext (0.0.7.2)
    yard (0.8.7.3)

PLATFORMS
  ruby

DEPENDENCIES
  bundler (~> 1.3)
  github-pivotal-flow!
  rake (~> 10.0)
  redcarpet (~> 2.2)
  rspec (~> 3.0)
  rspec-mocks (~> 3.0)
  simplecov (~> 0.7)
  yard (~> 0.8)

BUNDLED WITH
   1.13.6
